PATH
  remote: .
  specs:
    jiraby (0.0.1)
      rest-client
      yajl-ruby

GEM
  remote: http://rubygems.org/
  specs:
    diff-lcs (1.1.3)
    mime-types (1.17.2)
    rest-client (1.6.7)
      mime-types (>= 1.16)
    rspec (2.8.0)
      rspec-core (~> 2.8.0)
      rspec-expectations (~> 2.8.0)
      rspec-mocks (~> 2.8.0)
    rspec-core (2.8.0)
    rspec-expectations (2.8.0)
      diff-lcs (~> 1.1.2)
    rspec-mocks (2.8.0)
    yajl-ruby (1.1.0)

PLATFORMS
  ruby

DEPENDENCIES
  bundler (~> 1.0)
  jiraby!
  rspec
